GEM
  remote: https://rubygems.org/
  specs:
    contest (0.1.3)
    daemons (1.1.9)
    git (1.2.5)
    jeweler (1.8.4)
      bundler (~> 1.0)
      git (>= 1.2.5)
      rake
      rdoc
    json (1.7.7)
    metaclass (0.0.1)
    mocha (0.13.3)
      metaclass (~> 0.0.1)
    rake (10.0.4)
    rdoc (4.0.1)
      json (~> 1.4)
    tzinfo (0.3.37)

PLATFORMS
  ruby

DEPENDENCIES
  contest
  daemons
  jeweler
  mocha
  tzinfo (~> 0.3.35)
